GEM
  remote: https://rubygems.org/
  specs:
    ast (2.0.0)
    parser (2.2.0.3)
      ast (>= 1.1, < 3.0)
    seeing_is_believing (3.0.0.beta.5)
      parser (>= 2.2.0.2, < 3.0)

PLATFORMS
  ruby

DEPENDENCIES
  seeing_is_believing (~> 3.0.0.beta.5)
